GEM
  remote: https://rubygems.org/
  specs:
    zip (2.0.2)

PLATFORMS
  ruby

DEPENDENCIES
  zip (= 2.0.2)

BUNDLED WITH
   1.11.2
